GEM
  remote: https://rubygems.org/
  specs:
    colored (1.2)
    cri (2.4.1)
      colored (>= 1.2)
    nanoc (3.6.7)
      cri (~> 2.3)

PLATFORMS
  ruby

DEPENDENCIES
  nanoc (~> 3.6)
